GIT
  remote: git://github.com/bmc/jekyll-helpers.git
  revision: c07158998bb65bf5b689a4cc91e41522a17acf7c
  specs:
    jekyll-helpers (0.0.2)
      fssm (~> 0.2, >= 0.2.10)

GEM
  remote: http://rubygems.org/
  specs:
    fssm (0.2.10)
    git (1.5.0)
    mustache (1.1.0)

PLATFORMS
  ruby

DEPENDENCIES
  git
  jekyll-helpers!
  mustache

BUNDLED WITH
   1.17.2
