GEM
  remote: http://rubygems.org/
  specs:
    git (1.5.0)
    mustache (1.1.0)
    rake (12.3.2)

PLATFORMS
  ruby

DEPENDENCIES
  git
  mustache
  rake

BUNDLED WITH
   1.17.2
