GIT
  remote: git://github.com/bmc/grizzled-rake.git
  revision: 49f08b228a113a3038681e664649e18ae2431985
  specs:
    grizzled-rake (0.1.2)

GEM
  remote: http://rubygems.org/
  specs:
    POpen4 (0.1.4)
      Platform (>= 0.4.0)
      open4
    Platform (0.4.0)
    albino (1.3.3)
      posix-spawn (>= 0.3.6)
    bourbon (2.1.2)
      sass (>= 3.2)
      thor
    classifier (1.3.3)
      fast-stemmer (>= 1.0.0)
    directory_watcher (1.4.1)
    execjs (1.4.0)
      multi_json (~> 1.0)
    fast-stemmer (1.0.1)
    git (1.2.5)
    jekyll (0.11.2)
      albino (~> 1.3)
      classifier (~> 1.3)
      directory_watcher (~> 1.1)
      kramdown (~> 0.13)
      liquid (~> 2.3)
      maruku (~> 0.5)
    kramdown (0.14.1)
    liquid (2.4.1)
    maruku (0.6.1)
      syntax (>= 1.0.0)
    multi_json (1.4.0)
    open4 (1.3.0)
    posix-spawn (0.3.6)
    rake (10.0.2)
    rdiscount (1.6.8)
    sass (3.2.3)
    syntax (1.0.0)
    thor (0.16.0)
    uglifier (1.3.0)
      execjs (>= 0.3.0)
      multi_json (~> 1.0, >= 1.0.2)
    yui-compressor (0.9.6)
      POpen4 (>= 0.1.4)

PLATFORMS
  ruby

DEPENDENCIES
  bourbon
  git
  grizzled-rake!
  jekyll
  kramdown
  rake
  rdiscount
  sass
  uglifier
  yui-compressor (>= 0.9.6)
